GEM
  remote: https://rubygems.org/
  specs:
    actioncable (6.0.0)
      actionpack (= 6.0.0)
      nio4r (~> 2.0)
      websocket-driver (>= 0.6.1)
    actionmailbox (6.0.0)
      actionpack (= 6.0.0)
      activejob (= 6.0.0)
      activerecord (= 6.0.0)
      activestorage (= 6.0.0)
      activesupport (= 6.0.0)
      mail (>= 2.7.1)
    actionmailer (6.0.0)
      actionpack (= 6.0.0)
      actionview (= 6.0.0)
      activejob (= 6.0.0)
      mail (~> 2.5, >= 2.5.4)
      rails-dom-testing (~> 2.0)
    actionpack (6.0.0)
      actionview (= 6.0.0)
      activesupport (= 6.0.0)
      rack (~> 2.0)
      rack-test (>= 0.6.3)
      rails-dom-testing (~> 2.0)
      rails-html-sanitizer (~> 1.0, >= 1.2.0)
    actiontext (6.0.0)
      actionpack (= 6.0.0)
      activerecord (= 6.0.0)
      activestorage (= 6.0.0)
      activesupport (= 6.0.0)
      nokogiri (>= 1.8.5)
    actionview (6.0.0)
      activesupport (= 6.0.0)
      builder (~> 3.1)
      erubi (~> 1.4)
      rails-dom-testing (~> 2.0)
      rails-html-sanitizer (~> 1.1, >= 1.2.0)
    activejob (6.0.0)
      activesupport (= 6.0.0)
      globalid (>= 0.3.6)
    activemodel (6.0.0)
      activesupport (= 6.0.0)
    activerecord (6.0.0)
      activemodel (= 6.0.0)
      activesupport (= 6.0.0)
    activestorage (6.0.0)
      actionpack (= 6.0.0)
      activejob (= 6.0.0)
      activerecord (= 6.0.0)
      marcel (~> 0.3.1)
    activesupport (6.0.0)
      concurrent-ruby (~> 1.0, >= 1.0.2)
      i18n (>= 0.7, < 2)
      minitest (~> 5.1)
      tzinfo (~> 1.1)
      zeitwerk (~> 2.1, >= 2.1.8)
    addressable (2.7.0)
      public_suffix (>= 2.0.2, < 5.0)
    ast (2.4.0)
    builder (3.2.3)
    chunky_png (1.3.11)
    coderay (1.1.2)
    colorator (1.1.0)
    colorize (0.5.8)
    compass (1.0.3)
      chunky_png (~> 1.2)
      compass-core (~> 1.0.2)
      compass-import-once (~> 1.0.5)
      rb-fsevent (>= 0.9.3)
      rb-inotify (>= 0.9)
      sass (>= 3.3.13, < 3.5)
    compass-core (1.0.3)
      multi_json (~> 1.0)
      sass (>= 3.3.0, < 3.5)
    compass-import-once (1.0.5)
      sass (>= 3.2, < 3.5)
    concurrent-ruby (1.1.5)
    crass (1.0.5)
    em-websocket (0.5.1)
      eventmachine (>= 0.12.9)
      http_parser.rb (~> 0.6.0)
    erubi (1.9.0)
    eventmachine (1.2.7)
    faraday (0.17.0)
      multipart-post (>= 1.2, < 3)
    faraday-http-cache (2.0.0)
      faraday (~> 0.8)
    ffi (1.11.1)
    forwardable-extended (2.6.0)
    github_changelog_generator (1.14.3)
      activesupport
      faraday-http-cache
      multi_json
      octokit (~> 4.6)
      rainbow (>= 2.1)
      rake (>= 10.0)
      retriable (~> 2.1)
    globalid (0.4.2)
      activesupport (>= 4.2.0)
    heytmux (0.1.1)
    http_parser.rb (0.6.0)
    i18n (0.9.5)
      concurrent-ruby (~> 1.0)
    jaro_winkler (1.5.3)
    jekyll (3.8.6)
      addressable (~> 2.4)
      colorator (~> 1.0)
      em-websocket (~> 0.5)
      i18n (~> 0.7)
      jekyll-sass-converter (~> 1.0)
      jekyll-watch (~> 2.0)
      kramdown (~> 1.14)
      liquid (~> 4.0)
      mercenary (~> 0.3.3)
      pathutil (~> 0.9)
      rouge (>= 1.7, < 4)
      safe_yaml (~> 1.0)
    jekyll-sass-converter (1.3.0)
      sass (~> 3.2)
    jekyll-watch (2.2.1)
      listen (~> 3.0)
    jist (1.5.1)
      json
    json (2.2.0)
    kramdown (1.17.0)
    liquid (4.0.3)
    listen (3.2.0)
      rb-fsevent (~> 0.10, >= 0.10.3)
      rb-inotify (~> 0.9, >= 0.9.10)
    loofah (2.3.0)
      crass (~> 1.0.2)
      nokogiri (>= 1.5.9)
    lunchy (0.10.4)
    mail (2.7.1)
      mini_mime (>= 0.1.1)
    marcel (0.3.3)
      mimemagic (~> 0.3.2)
    mdl (0.5.0)
      kramdown (~> 1.12, >= 1.12.0)
      mixlib-cli (~> 1.7, >= 1.7.0)
      mixlib-config (~> 2.2, >= 2.2.1)
    mercenary (0.3.6)
    method_source (0.9.2)
    mimemagic (0.3.3)
    mini_mime (1.0.2)
    mini_portile2 (2.4.0)
    minitest (5.12.2)
    mixlib-cli (1.7.0)
    mixlib-config (2.2.18)
      tomlrb
    msgpack (1.3.1)
    multi_json (1.14.1)
    multipart-post (2.1.1)
    neovim (0.8.1)
      msgpack (~> 1.1)
      multi_json (~> 1.0)
    nio4r (2.5.2)
    nokogiri (1.10.4)
      mini_portile2 (~> 2.4.0)
    octokit (4.14.0)
      sawyer (~> 0.8.0, >= 0.5.3)
    parallel (1.18.0)
    parser (2.6.5.0)
      ast (~> 2.4.0)
    pathutil (0.16.2)
      forwardable-extended (~> 2.6)
    pg_query (1.1.0)
    public_suffix (4.0.1)
    puppet-lint (2.4.1)
    pygments.rb (1.2.1)
      multi_json (>= 1.0.0)
    rack (2.0.7)
    rack-test (1.1.0)
      rack (>= 1.0, < 3)
    rails (6.0.0)
      actioncable (= 6.0.0)
      actionmailbox (= 6.0.0)
      actionmailer (= 6.0.0)
      actionpack (= 6.0.0)
      actiontext (= 6.0.0)
      actionview (= 6.0.0)
      activejob (= 6.0.0)
      activemodel (= 6.0.0)
      activerecord (= 6.0.0)
      activestorage (= 6.0.0)
      activesupport (= 6.0.0)
      bundler (>= 1.3.0)
      railties (= 6.0.0)
      sprockets-rails (>= 2.0.0)
    rails-dom-testing (2.0.3)
      activesupport (>= 4.2.0)
      nokogiri (>= 1.6)
    rails-html-sanitizer (1.3.0)
      loofah (~> 2.3)
    railties (6.0.0)
      actionpack (= 6.0.0)
      activesupport (= 6.0.0)
      method_source
      rake (>= 0.8.7)
      thor (>= 0.20.3, < 2.0)
    rainbow (3.0.0)
    rake (13.0.0)
    rb-fsevent (0.10.3)
    rb-inotify (0.10.0)
      ffi (~> 1.0)
    redcarpet (3.5.0)
    retriable (2.1.0)
    ripper-tags (0.7.0)
    rouge (3.12.0)
    rubocop (0.75.1)
      jaro_winkler (~> 1.5.1)
      parallel (~> 1.10)
      parser (>= 2.6)
      rainbow (>= 2.2.2, < 4.0)
      ruby-progressbar (~> 1.7)
      unicode-display_width (>= 1.4.0, < 1.7)
    ruby-progressbar (1.10.1)
    safe_yaml (1.0.5)
    sass (3.3.14)
    sawyer (0.8.2)
      addressable (>= 2.3.5)
      faraday (> 0.8, < 2.0)
    scss-lint (0.20.3)
      colorize (= 0.5.8)
      sass (~> 3.3.0)
    sprockets (4.0.0)
      concurrent-ruby (~> 1.0)
      rack (> 1, < 3)
    sprockets-rails (3.2.1)
      actionpack (>= 4.0)
      activesupport (>= 4.0)
      sprockets (>= 3.0.0)
    sqlint (0.1.9)
      pg_query (~> 1)
    thor (0.20.3)
    thread_safe (0.3.6)
    tomlrb (1.2.8)
    tzinfo (1.2.5)
      thread_safe (~> 0.1)
    unicode-display_width (1.6.0)
    websocket-driver (0.7.1)
      websocket-extensions (>= 0.1.0)
    websocket-extensions (0.1.4)
    zeitwerk (2.2.0)

PLATFORMS
  ruby

DEPENDENCIES
  bundler
  coderay
  compass
  github_changelog_generator
  heytmux
  jekyll
  jist
  lunchy
  mdl
  neovim
  puppet-lint
  pygments.rb
  rails (~> 6.0)
  rainbow
  redcarpet
  ripper-tags
  rouge
  rubocop
  scss-lint
  sqlint

BUNDLED WITH
   2.0.2
