GEM
  remote: https://rubygems.org/
  specs:
    activesupport (6.0.0)
      concurrent-ruby (~> 1.0, >= 1.0.2)
      i18n (>= 0.7, < 2)
      minitest (~> 5.1)
      tzinfo (~> 1.1)
      zeitwerk (~> 2.1, >= 2.1.8)
    addressable (2.7.0)
      public_suffix (>= 2.0.2, < 5.0)
    ast (2.4.0)
    chunky_png (1.3.11)
    coderay (1.1.2)
    colorator (1.1.0)
    colorize (0.5.8)
    compass (1.0.3)
      chunky_png (~> 1.2)
      compass-core (~> 1.0.2)
      compass-import-once (~> 1.0.5)
      rb-fsevent (>= 0.9.3)
      rb-inotify (>= 0.9)
      sass (>= 3.3.13, < 3.5)
    compass-core (1.0.3)
      multi_json (~> 1.0)
      sass (>= 3.3.0, < 3.5)
    compass-import-once (1.0.5)
      sass (>= 3.2, < 3.5)
    concurrent-ruby (1.1.5)
    em-websocket (0.5.1)
      eventmachine (>= 0.12.9)
      http_parser.rb (~> 0.6.0)
    eventmachine (1.2.7)
    faraday (0.15.4)
      multipart-post (>= 1.2, < 3)
    faraday-http-cache (2.0.0)
      faraday (~> 0.8)
    ffi (1.11.1)
    forwardable-extended (2.6.0)
    github_changelog_generator (1.14.3)
      activesupport
      faraday-http-cache
      multi_json
      octokit (~> 4.6)
      rainbow (>= 2.1)
      rake (>= 10.0)
      retriable (~> 2.1)
    http_parser.rb (0.6.0)
    i18n (0.9.5)
      concurrent-ruby (~> 1.0)
    jaro_winkler (1.5.3)
    jekyll (3.8.6)
      addressable (~> 2.4)
      colorator (~> 1.0)
      em-websocket (~> 0.5)
      i18n (~> 0.7)
      jekyll-sass-converter (~> 1.0)
      jekyll-watch (~> 2.0)
      kramdown (~> 1.14)
      liquid (~> 4.0)
      mercenary (~> 0.3.3)
      pathutil (~> 0.9)
      rouge (>= 1.7, < 4)
      safe_yaml (~> 1.0)
    jekyll-sass-converter (1.3.0)
      sass (~> 3.2)
    jekyll-watch (2.2.1)
      listen (~> 3.0)
    jist (1.5.1)
      json
    json (2.2.0)
    kramdown (1.17.0)
    libv8 (7.3.492.27.1)
    liquid (4.0.3)
    listen (3.1.5)
      rb-fsevent (~> 0.9, >= 0.9.4)
      rb-inotify (~> 0.9, >= 0.9.7)
      ruby_dep (~> 1.2)
    lunchy (0.10.4)
    mdl (0.5.0)
      kramdown (~> 1.12, >= 1.12.0)
      mixlib-cli (~> 1.7, >= 1.7.0)
      mixlib-config (~> 2.2, >= 2.2.1)
    mercenary (0.3.6)
    minitest (5.11.3)
    mixlib-cli (1.7.0)
    mixlib-config (2.2.18)
      tomlrb
    msgpack (1.3.1)
    multi_json (1.13.1)
    multipart-post (2.1.1)
    neovim (0.8.1)
      msgpack (~> 1.1)
      multi_json (~> 1.0)
    octokit (4.14.0)
      sawyer (~> 0.8.0, >= 0.5.3)
    parallel (1.17.0)
    parser (2.6.4.1)
      ast (~> 2.4.0)
    pathutil (0.16.2)
      forwardable-extended (~> 2.6)
    pg_query (1.1.0)
    public_suffix (4.0.1)
    puppet-lint (2.3.6)
    pygments.rb (1.2.1)
      multi_json (>= 1.0.0)
    rainbow (3.0.0)
    rake (12.3.3)
    rb-fsevent (0.10.3)
    rb-inotify (0.10.0)
      ffi (~> 1.0)
    redcarpet (3.5.0)
    retriable (2.1.0)
    ripper-tags (0.7.0)
    rouge (3.10.0)
    rubocop (0.74.0)
      jaro_winkler (~> 1.5.1)
      parallel (~> 1.10)
      parser (>= 2.6)
      rainbow (>= 2.2.2, < 4.0)
      ruby-progressbar (~> 1.7)
      unicode-display_width (>= 1.4.0, < 1.7)
    ruby-progressbar (1.10.1)
    ruby_dep (1.5.0)
    safe_yaml (1.0.5)
    sass (3.3.14)
    sawyer (0.8.2)
      addressable (>= 2.3.5)
      faraday (> 0.8, < 2.0)
    scss-lint (0.20.3)
      colorize (= 0.5.8)
      sass (~> 3.3.0)
    sqlint (0.1.9)
      pg_query (~> 1)
    thread_safe (0.3.6)
    tomlrb (1.2.8)
    tzinfo (1.2.5)
      thread_safe (~> 0.1)
    unicode-display_width (1.6.0)
    zeitwerk (2.1.10)

PLATFORMS
  ruby

DEPENDENCIES
  bundler
  coderay
  compass
  github_changelog_generator
  jekyll
  jist (~> 1.5)
  libv8 (~> 7.3)
  lunchy (~> 0.10.4)
  mdl (~> 0.5.0)
  neovim (~> 0.8.0)
  puppet-lint
  pygments.rb
  rainbow
  redcarpet
  ripper-tags
  rouge
  rubocop
  scss-lint
  sqlint (~> 0.1.9)

BUNDLED WITH
   1.17.3
